PATH
  remote: .
  specs:
    attr_encrypted_pgcrypto (1.2.1)
      activerecord (>= 3.0)
      activesupport (>= 3.0)
      attr_encrypted (~> 1.2)

GEM
  remote: https://rubygems.org/
  specs:
    activemodel (3.2.16)
      activesupport (= 3.2.16)
      builder (~> 3.0.0)
    activerecord (3.2.16)
      activemodel (= 3.2.16)
      activesupport (= 3.2.16)
      arel (~> 3.0.2)
      tzinfo (~> 0.3.29)
    activesupport (3.2.16)
      i18n (~> 0.6, >= 0.6.4)
      multi_json (~> 1.0)
    arel (3.0.3)
    attr_encrypted (1.3.1)
      encryptor (>= 1.3.0)
    builder (3.0.4)
    coderay (1.0.8)
    diff-lcs (1.2.5)
    encryptor (1.3.0)
    i18n (0.6.9)
    method_source (0.8.1)
    multi_json (1.8.2)
    pg (0.14.1)
    pry (0.9.10)
      coderay (~> 1.0.5)
      method_source (~> 0.8)
      slop (~> 3.3.1)
    rake (10.1.1)
    rspec (2.14.1)
      rspec-core (~> 2.14.0)
      rspec-expectations (~> 2.14.0)
      rspec-mocks (~> 2.14.0)
    rspec-core (2.14.7)
    rspec-expectations (2.14.5)
      diff-lcs (>= 1.1.3, < 2.0)
    rspec-mocks (2.14.5)
    slop (3.3.3)
    tzinfo (0.3.38)

PLATFORMS
  ruby

DEPENDENCIES
  attr_encrypted_pgcrypto!
  pg (~> 0.14)
  pry
  rake
  rspec (~> 2.14)
