PATH
  remote: .
  specs:
    attr_encrypted_pgcrypto (1.2.1)
      activerecord (>= 3.0)
      activesupport (>= 3.0)
      attr_encrypted (~> 1.2.0)

GEM
  remote: https://rubygems.org/
  specs:
    activemodel (3.2.11)
      activesupport (= 3.2.11)
      builder (~> 3.0.0)
    activerecord (3.2.11)
      activemodel (= 3.2.11)
      activesupport (= 3.2.11)
      arel (~> 3.0.2)
      tzinfo (~> 0.3.29)
    activesupport (3.2.11)
      i18n (~> 0.6)
      multi_json (~> 1.0)
    arel (3.0.2)
    attr_encrypted (1.2.1)
      encryptor (>= 1.1.1)
    builder (3.0.4)
    coderay (1.0.8)
    diff-lcs (1.2.1)
    encryptor (1.1.3)
    i18n (0.6.1)
    method_source (0.8.1)
    multi_json (1.5.0)
    pg (0.14.1)
    pry (0.9.10)
      coderay (~> 1.0.5)
      method_source (~> 0.8)
      slop (~> 3.3.1)
    rspec (2.13.0)
      rspec-core (~> 2.13.0)
      rspec-expectations (~> 2.13.0)
      rspec-mocks (~> 2.13.0)
    rspec-core (2.13.0)
    rspec-expectations (2.13.0)
      diff-lcs (>= 1.1.3, < 2.0)
    rspec-mocks (2.13.0)
    slop (3.3.3)
    tzinfo (0.3.35)

PLATFORMS
  ruby

DEPENDENCIES
  attr_encrypted_pgcrypto!
  pg (~> 0.14.0)
  pry
  rspec (~> 2.13.0)
